GIT
  remote: git://github.com/jacobo/showoff.git
  revision: 66d7d69fb510ccbd12196526a509d57d2774651d
  specs:
    showoff (0.7.0)
      gli (>= 1.3.2)
      json
      nokogiri
      parslet
      redcarpet
      sinatra (~> 1.3)

GEM
  remote: http://rubygems.org/
  specs:
    blankslate (2.1.2.4)
    bluecloth (2.2.0)
    coderay (1.0.9)
    gli (1.6.0)
    json (1.7.7)
    method_source (0.8.1)
    nokogiri (1.5.8)
    parslet (1.5.0)
      blankslate (~> 2.0)
    pry (0.9.12)
      coderay (~> 1.0.5)
      method_source (~> 0.8)
      slop (~> 3.4)
    rack (1.5.2)
    rack-protection (1.5.0)
      rack
    redcarpet (2.2.2)
    sinatra (1.3.2)
      rack (~> 1.3, >= 1.3.6)
      rack-protection (~> 1.2)
      tilt (~> 1.3, >= 1.3.3)
    slop (3.4.4)
    tilt (1.3.6)

PLATFORMS
  ruby

DEPENDENCIES
  bluecloth
  gli (= 1.6.0)
  nokogiri
  pry
  showoff!
  sinatra (= 1.3.2)
